GIT
  remote: https://github.com/SciRuby/daru.git
  revision: d097e8ab3090c48c1e54e325b51671a50464f23f
  specs:
    daru (0.1.6)
      backports
      packable (~> 1.3.9)

GEM
  remote: https://rubygems.org/
  specs:
    backports (3.10.0)
    concurrent-ruby (1.0.5)
    gnuplotrb (0.3.4)
      hamster (~> 3.0)
    hamster (3.0.0)
      concurrent-ruby (~> 1.0)
    packable (1.3.9)
      backports

PLATFORMS
  ruby

DEPENDENCIES
  daru!
  gnuplotrb!

BUNDLED WITH
   1.13.6
