PATH
  remote: /Users/danielbaark/Documents/Dev/daru
  specs:
    daru (0.1.6)
      backports
      packable (~> 1.3.9)

PATH
  remote: /Users/danielbaark/Documents/Dev/nyaplot
  specs:
    nyaplot (0.1.6)

GEM
  remote: https://NTlections:iherdulieklongpasswordscosofsecurityreasonings@rubygems.intellectionsoftware.com/
  remote: https://rubygems.org/
  specs:
    activesupport (4.2.10)
      i18n (~> 0.7)
      minitest (~> 5.1)
      thread_safe (~> 0.3, >= 0.3.4)
      tzinfo (~> 1.1)
    artemis_timing (0.2.4)
      awesome_print
      terminal-table
    awesome_print (1.8.0)
    backports (3.9.1)
    bond (0.5.1)
    concurrent-ruby (1.0.5)
    czmq-ffi-gen (0.13.0)
      ffi (~> 1.9.10)
    cztop (0.11.4)
      czmq-ffi-gen (~> 0.13.0)
    data_uri (0.1.0)
    ffi (1.9.18)
    formatador (0.2.5)
    gnuplotrb (0.3.4)
      hamster (~> 3.0)
    hamster (3.0.0)
      concurrent-ruby (~> 1.0)
    i18n (0.8.6)
    iruby (0.3)
      bond (~> 0.5)
      data_uri (~> 0.1)
      mimemagic (~> 0.3)
      multi_json (~> 1.11)
    listen (3.0.8)
      rb-fsevent (~> 0.9, >= 0.9.4)
      rb-inotify (~> 0.9, >= 0.9.7)
    lru_redux (1.1.0)
    mimemagic (0.3.2)
    mini_portile2 (2.3.0)
    minitest (5.10.3)
    multi_json (1.12.2)
    nokogiri (1.8.1)
      mini_portile2 (~> 2.3.0)
    oj (2.15.1)
    packable (1.3.9)
      backports
    quattro (9.2.0)
      activesupport (~> 4.0)
      artemis_timing
      cztop
      formatador (~> 0.2.5)
      iruby (~> 0.3)
      listen (~> 3.0.0)
      lru_redux
      nokogiri (~> 1.5)
      oj (~> 2.15.0)
      rainbow (~> 2.1.0)
      redis (<= 3.3.3)
      term-ansicolor (~> 1.3.0)
      thor (~> 0.14)
    rainbow (2.1.0)
    rb-fsevent (0.10.2)
    rb-inotify (0.9.10)
      ffi (>= 0.5.0, < 2)
    redis (3.3.3)
    term-ansicolor (1.3.2)
      tins (~> 1.0)
    terminal-table (1.7.3)
      unicode-display_width (~> 1.1.1)
    thor (0.20.0)
    thread_safe (0.3.6)
    tins (1.6.0)
    tzinfo (1.2.3)
      thread_safe (~> 0.1)
    unicode-display_width (1.1.3)

PLATFORMS
  ruby

DEPENDENCIES
  daru!
  gnuplotrb!
  nyaplot!
  quattro (~> 9.2.0)!

BUNDLED WITH
   1.13.6
